PATH
  remote: .
  specs:
    ruby_practice (0.1.0)

GEM
  remote: https://rubygems.org/
  specs:
    coderay (1.1.3)
    method_source (1.0.0)
    pry (0.13.1)
      coderay (~> 1.1)
      method_source (~> 1.0)
    rake (13.0.3)

PLATFORMS
  x86_64-darwin-20

DEPENDENCIES
  pry
  rake (~> 13.0)
  ruby_practice!

BUNDLED WITH
   2.2.2
